NUGET
  remote: https://www.nuget.org/api/v2
    Davenport (3.0.2-beta1)
      FSharp.Core (>= 4.2.3) - restriction: >= netstandard2.0
      Microsoft.FSharpLu.Json (>= 0.10.3) - restriction: >= netstandard2.0
      Newtonsoft.Json (>= 11.0.2) - restriction: >= netstandard2.0
    FSharp.Core (4.3.4) - restriction: >= netstandard2.0
    Microsoft.FSharpLu.Json (0.10.4) - restriction: >= netstandard2.0
      FSharp.Core (>= 4.3.4) - restriction: || (&& (>= net452) (< netstandard1.6)) (&& (< net452) (>= netstandard1.6) (< netstandard2.0)) (&& (< net452) (>= netstandard2.0)) (>= net461)
      Newtonsoft.Json (>= 10.0.3) - restriction: || (&& (>= net452) (< netstandard1.6)) (&& (< net452) (>= netstandard1.6) (< netstandard2.0)) (&& (< net452) (>= netstandard2.0)) (>= net461)
      System.ValueTuple (>= 4.4) - restriction: || (&& (< net452) (>= netstandard1.6) (< netstandard2.0)) (>= net461)
    Newtonsoft.Json (11.0.2) - restriction: >= netstandard2.0
    System.ValueTuple (4.4) - restriction: && (>= net461) (>= netstandard2.0)
